GEM
  remote: https://rubygems.org/
  specs:
    json (2.6.2)
    rake (13.0.6)
    slim (5.0.0)
      temple (~> 0.10.0)
      tilt (>= 2.0.6, < 2.1)
    temple (0.10.0)
    tilt (2.0.11)

PLATFORMS
  ruby

DEPENDENCIES
  json
  rake
  slim

BUNDLED WITH
   2.3.9
