GEM
  remote: https://rubygems.org/
  specs:
    json (2.6.3)
    rake (13.0.6)
    slim (2.0.2)
      temple (~> 0.6.6)
      tilt (>= 1.3.3, < 2.1)
    temple (0.6.7)
    tilt (2.0.1)

PLATFORMS
  ruby

DEPENDENCIES
  json
  rake
  slim

BUNDLED WITH
   2.3.9
