GEM
  remote: https://rubygems.org/
  specs:
    json (2.4.1)
    rake (12.3.3)
    slim (4.1.0)
      temple (>= 0.7.6, < 0.9)
      tilt (>= 2.0.6, < 2.1)
    temple (0.8.2)
    tilt (2.0.10)

PLATFORMS
  ruby

DEPENDENCIES
  json
  rake
  slim

BUNDLED WITH
   1.11.2
