GEM
  remote: https://rubygems.org/
  specs:
    json (2.3.0)
    rake (12.3.3)
    slim (2.0.2)
      temple (~> 0.6.6)
      tilt (>= 1.3.3, < 2.1)
    temple (0.6.7)
    tilt (2.0.1)

PLATFORMS
  ruby

DEPENDENCIES
  json
  rake
  slim

BUNDLED WITH
   1.11.2
